GEM
  remote: https://rubygems.org/
  specs:
    bootstrap-sass (3.1.1.1)
      sass (~> 3.2)
    chunky_png (1.3.1)
    compass (0.12.6)
      chunky_png (~> 1.2)
      fssm (>= 0.2.7)
      sass (~> 3.2.19)
    fssm (0.2.10)
    pg (0.17.1)
    rack (1.5.2)
    rack-protection (1.5.3)
      rack
    sass (3.2.19)
    sinatra (1.4.5)
      rack (~> 1.4)
      rack-protection (~> 1.4)
      tilt (~> 1.3, >= 1.3.4)
    slim (2.0.2)
      temple (~> 0.6.6)
      tilt (>= 1.3.3, < 2.1)
    temple (0.6.7)
    tilt (1.4.1)

PLATFORMS
  ruby

DEPENDENCIES
  bootstrap-sass
  compass
  pg
  sinatra
  slim
